PATH
  remote: .
  specs:
    fcrepo-cloud-migrator (0.1.0)
      aws-sdk-s3
      rdf-turtle

GEM
  remote: https://rubygems.org/
  specs:
    aws-eventstream (1.0.0)
    aws-partitions (1.87.0)
    aws-sdk-core (3.21.1)
      aws-eventstream (~> 1.0)
      aws-partitions (~> 1.0)
      aws-sigv4 (~> 1.0)
      jmespath (~> 1.0)
    aws-sdk-kms (1.5.0)
      aws-sdk-core (~> 3)
      aws-sigv4 (~> 1.0)
    aws-sdk-s3 (1.12.0)
      aws-sdk-core (~> 3, >= 3.21.1)
      aws-sdk-kms (~> 1)
      aws-sigv4 (~> 1.0)
    aws-sigv4 (1.0.2)
    concurrent-ruby (1.0.5)
    diff-lcs (1.3)
    ebnf (1.1.2)
      rdf (>= 2.2, < 4.0)
      sxp (~> 1.0)
    hamster (3.0.0)
      concurrent-ruby (~> 1.0)
    jmespath (1.4.0)
    link_header (0.0.8)
    rake (10.5.0)
    rdf (3.0.2)
      hamster (~> 3.0)
      link_header (~> 0.0, >= 0.0.8)
    rdf-turtle (3.0.1)
      ebnf (~> 1.1)
      rdf (~> 3.0)
    rspec (3.7.0)
      rspec-core (~> 3.7.0)
      rspec-expectations (~> 3.7.0)
      rspec-mocks (~> 3.7.0)
    rspec-core (3.7.1)
      rspec-support (~> 3.7.0)
    rspec-expectations (3.7.0)
      diff-lcs (>= 1.2.0, < 2.0)
      rspec-support (~> 3.7.0)
    rspec-mocks (3.7.0)
      diff-lcs (>= 1.2.0, < 2.0)
      rspec-support (~> 3.7.0)
    rspec-support (3.7.1)
    sxp (1.0.1)
      rdf (>= 2.2, < 4.0)

PLATFORMS
  ruby

DEPENDENCIES
  bundler (~> 1.16)
  fcrepo-cloud-migrator!
  rake (~> 10.0)
  rspec (~> 3.0)

BUNDLED WITH
   1.16.0
